PATH
  remote: .
  specs:
    tiny_gltf (1.0.2)

GEM
  remote: https://rubygems.org/
  specs:
    github-markup (3.0.4)
    minitest (5.14.2)
    rake (13.0.1)
    rake-compiler (1.1.1)
      rake
    redcarpet (3.5.1)
    yard (0.9.25)

PLATFORMS
  ruby

DEPENDENCIES
  bundler (>= 2.1.0)
  github-markup
  minitest (~> 5.0)
  rake (~> 13.0)
  rake-compiler
  redcarpet
  tiny_gltf!
  yard (~> 0.9)

BUNDLED WITH
   2.2.0.rc.1
